PATH
  remote: .
  specs:
    decode_xlog (0.1.0)

GEM
  remote: https://rubygems.org/
  specs:
    diff-lcs (1.4.4)
    net-http (0.3.0)
      uri
    rake (10.5.0)
    rspec (3.10.0)
      rspec-core (~> 3.10.0)
      rspec-expectations (~> 3.10.0)
      rspec-mocks (~> 3.10.0)
    rspec-core (3.10.1)
      rspec-support (~> 3.10.0)
    rspec-expectations (3.10.1)
      diff-lcs (>= 1.2.0, < 2.0)
      rspec-support (~> 3.10.0)
    rspec-mocks (3.10.2)
      diff-lcs (>= 1.2.0, < 2.0)
      rspec-support (~> 3.10.0)
    rspec-support (3.10.3)
    uri (0.11.0)

PLATFORMS
  universal-darwin-22

DEPENDENCIES
  bundler (~> 2.0)
  decode_xlog!
  net-http
  rake (~> 10.0)
  rspec (~> 3.0)
  uri

BUNDLED WITH
   2.3.12
